GEM
  remote: http://gemcutter.org/
  remote: http://172.20.6.101:8808/
  specs:
    builder (3.0.0)
    diff-lcs (1.1.3)
    json (1.6.5)
    mime-types (1.17.2)
    rake (0.9.2.2)
    rest-client (1.6.7)
      mime-types (>= 1.16)
    rspec (2.8.0)
      rspec-core (~> 2.8.0)
      rspec-expectations (~> 2.8.0)
      rspec-mocks (~> 2.8.0)
    rspec-core (2.8.0)
    rspec-expectations (2.8.0)
      diff-lcs (~> 1.1.2)
    rspec-mocks (2.8.0)

PLATFORMS
  x86-mingw32

DEPENDENCIES
  builder
  bundler
  json
  rake
  rest-client
  rspec
